GEM
  remote: https://rubygems.org/
  specs:
    byebug (11.1.3)
    em-websocket (0.5.3)
      eventmachine (>= 0.12.9)
      http_parser.rb (~> 0)
    eventmachine (1.2.7)
    http_parser.rb (0.8.0)
    webrick (1.7.0)

PLATFORMS
  x86_64-linux

DEPENDENCIES
  byebug
  em-websocket
  webrick (~> 1.7)

BUNDLED WITH
   2.3.7
